GEM
  remote: http://gemcutter.org/
  specs:
    POpen4 (0.1.4)
      Platform (>= 0.4.0)
      open4
    Platform (0.4.0)
    open4 (1.3.0)

PLATFORMS
  ruby

DEPENDENCIES
  POpen4
